GEM
  remote: http://rubygems.org/
  specs:
    Saikuro (1.1.0)
    ZenTest (4.5.0)
    abstract (1.0.0)
    actionmailer (3.0.5)
      actionpack (= 3.0.5)
      mail (~> 2.2.15)
    actionpack (3.0.5)
      activemodel (= 3.0.5)
      activesupport (= 3.0.5)
      builder (~> 2.1.2)
      erubis (~> 2.6.6)
      i18n (~> 0.4)
      rack (~> 1.2.1)
      rack-mount (~> 0.6.13)
      rack-test (~> 0.5.7)
      tzinfo (~> 0.3.23)
    activemodel (3.0.5)
      activesupport (= 3.0.5)
      builder (~> 2.1.2)
      i18n (~> 0.4)
    activerecord (3.0.5)
      activemodel (= 3.0.5)
      activesupport (= 3.0.5)
      arel (~> 2.0.2)
      tzinfo (~> 0.3.23)
    activeresource (3.0.5)
      activemodel (= 3.0.5)
      activesupport (= 3.0.5)
    activesupport (3.0.5)
    arel (2.0.9)
    arrayfields (4.7.4)
    autotest (4.4.6)
      ZenTest (>= 4.4.1)
    bcrypt-ruby (2.1.4)
    bson (1.2.4)
    bson_ext (1.2.4)
    builder (2.1.2)
    cancan (1.5.1)
    capistrano (2.5.19)
      highline
      net-scp (>= 1.0.0)
      net-sftp (>= 2.0.0)
      net-ssh (>= 2.0.14)
      net-ssh-gateway (>= 1.0.0)
    chronic (0.3.0)
    churn (0.0.13)
      chronic (>= 0.2.3)
      hirb
      json_pure
      main
      ruby_parser (~> 2.0.4)
      sexp_processor (~> 3.0.3)
    colored (1.2)
    database_cleaner (0.6.4)
    devise (1.1.7)
      bcrypt-ruby (~> 2.1.2)
      warden (~> 1.0.2)
    diff-lcs (1.1.2)
    erubis (2.6.6)
      abstract (>= 1.0.0)
    factory_girl (1.3.3)
    fattr (2.2.0)
    flay (1.4.2)
      ruby_parser (~> 2.0)
      sexp_processor (~> 3.0)
    flog (2.5.1)
      ruby_parser (~> 2.0)
      sexp_processor (~> 3.0)
    haml (3.0.25)
    highline (1.6.1)
    hirb (0.4.0)
    i18n (0.5.0)
    json_pure (1.5.1)
    kgio (2.3.2)
    mail (2.2.15)
      activesupport (>= 2.3.6)
      i18n (>= 0.4.0)
      mime-types (~> 1.16)
      treetop (~> 1.4.8)
    main (4.4.0)
      arrayfields (>= 4.7.4)
      fattr (>= 2.1.0)
    metric_fu (2.1.1)
      Saikuro (>= 1.1.0)
      activesupport (>= 2.0.0)
      chronic (~> 0.3.0)
      churn (>= 0.0.7)
      flay (>= 1.2.1)
      flog (>= 2.3.0)
      rails_best_practices (>= 0.6.4)
      rcov (>= 0.8.3.3)
      reek (>= 1.2.6)
      roodi (>= 2.1.0)
      syntax
    mime-types (1.16)
    mongo (1.2.4)
      bson (>= 1.2.4)
    mongoid (2.0.0.rc.7)
      activemodel (~> 3.0)
      mongo (~> 1.2)
      tzinfo (~> 0.3.22)
      will_paginate (~> 3.0.pre)
    net-scp (1.0.4)
      net-ssh (>= 1.99.1)
    net-sftp (2.0.5)
      net-ssh (>= 2.0.9)
    net-ssh (2.1.3)
    net-ssh-gateway (1.0.1)
      net-ssh (>= 1.99.1)
    polyglot (0.3.1)
    rack (1.2.1)
    rack-mount (0.6.13)
      rack (>= 1.0.0)
    rack-test (0.5.7)
      rack (>= 1.0)
    rails (3.0.5)
      actionmailer (= 3.0.5)
      actionpack (= 3.0.5)
      activerecord (= 3.0.5)
      activeresource (= 3.0.5)
      activesupport (= 3.0.5)
      bundler (~> 1.0)
      railties (= 3.0.5)
    rails_best_practices (0.7.1)
      activesupport
      colored (~> 1.2)
      erubis (~> 2.6.6)
      haml (~> 3.0.18)
      i18n
      ruby-progressbar (~> 0.0.9)
      ruby_parser (~> 2.0.4)
    railties (3.0.5)
      actionpack (= 3.0.5)
      activesupport (= 3.0.5)
      rake (>= 0.8.7)
      thor (~> 0.14.4)
    rake (0.8.7)
    rcov (0.9.9)
    rdiscount (1.6.8)
    reek (1.2.8)
      ruby2ruby (~> 1.2)
      ruby_parser (~> 2.0)
      sexp_processor (~> 3.0)
    rest-client (1.6.1)
      mime-types (>= 1.16)
    roodi (2.1.0)
      ruby_parser
    rspec (2.5.0)
      rspec-core (~> 2.5.0)
      rspec-expectations (~> 2.5.0)
      rspec-mocks (~> 2.5.0)
    rspec-core (2.5.1)
    rspec-expectations (2.5.0)
      diff-lcs (~> 1.1.2)
    rspec-mocks (2.5.0)
    rspec-rails (2.5.0)
      actionpack (~> 3.0)
      activesupport (~> 3.0)
      railties (~> 3.0)
      rspec (~> 2.5.0)
    ruby-progressbar (0.0.9)
    ruby2ruby (1.2.5)
      ruby_parser (~> 2.0)
      sexp_processor (~> 3.0)
    ruby_parser (2.0.6)
      sexp_processor (~> 3.0)
    sexp_processor (3.0.5)
    spork (0.8.4)
    syntax (1.0.0)
    thor (0.14.6)
    treetop (1.4.9)
      polyglot (>= 0.3.1)
    tzinfo (0.3.24)
    unicorn (3.4.0)
      kgio (~> 2.2)
      rack
    warden (1.0.3)
      rack (>= 1.0.0)
    will_paginate (3.0.pre2)

PLATFORMS
  ruby

DEPENDENCIES
  autotest (~> 4.4)
  bson_ext
  cancan (~> 1.5)
  capistrano (~> 2.5)
  database_cleaner (~> 0.6)
  devise (~> 1.1)
  factory_girl (~> 1.3)
  haml (~> 3.0)
  metric_fu (~> 2.0)
  mongoid (~> 2.0.0.rc.7)
  rails (~> 3.0)
  rdiscount (~> 1.6)
  rest-client
  rspec-rails (~> 2.4)
  spork (~> 0.8)
  unicorn (~> 3.3)
